GEM
  remote: https://rubygems.org/
  specs:
    async (1.29.1)
      console (~> 1.10)
      nio4r (~> 2.3)
      timers (~> 4.1)
    async-http (0.56.3)
      async (~> 1.25)
      async-io (~> 1.28)
      async-pool (~> 0.2)
      protocol-http (~> 0.22.0)
      protocol-http1 (~> 0.14.0)
      protocol-http2 (~> 0.14.0)
    async-io (1.32.1)
      async (~> 1.14)
    async-pool (0.3.7)
      async (~> 1.25)
    console (1.13.1)
      fiber-local
    daemons (1.4.0)
    eventmachine (1.2.7)
    fiber-local (1.0.0)
    nio4r (2.5.7)
    pg (1.2.3)
    protocol-hpack (1.4.2)
    protocol-http (0.22.2)
    protocol-http1 (0.14.1)
      protocol-http (~> 0.22)
    protocol-http2 (0.14.2)
      protocol-hpack (~> 1.4)
      protocol-http (~> 0.18)
    rack (2.2.3)
    roda (3.45.0)
      rack
    sequel (5.45.0)
    thin (1.8.1)
      daemons (~> 1.0, >= 1.0.9)
      eventmachine (~> 1.0, >= 1.0.4)
      rack (>= 1, < 3)
    timers (4.3.3)

PLATFORMS
  ruby

DEPENDENCIES
  async-http!
  pg!
  roda!
  sequel!
  thin!

BUNDLED WITH
   2.1.4
